GEM
  remote: https://rubygems.org/
  specs:
    awesome_print (1.1.0)
    builder (3.2.0)
    calabash-android (0.4.3)
      awesome_print
      cucumber
      json
      retriable
      rubyzip
      slowhandcuke
    crb (1.0.1)
    cucumber (1.2.5)
      builder (>= 2.1.2)
      diff-lcs (>= 1.1.3)
      gherkin (~> 2.11.7)
      multi_json (~> 1.3)
    diff-lcs (1.2.3)
    gherkin (2.11.8)
      multi_json (~> 1.3)
    json (1.7.7)
    multi_json (1.7.2)
    retriable (1.3.3)
    rubyzip (0.9.9)
    slowhandcuke (0.0.3)
      cucumber

PLATFORMS
  ruby

DEPENDENCIES
  calabash-android (~> 0.4.3)
  crb (~> 1.0.1)
